GIT
  remote: https://github.com/avalonmediasystem/avalon-workflow.git
  revision: 1dd1f63b8110809c42141952890934b9f0f8041e
  branch: hydra10
  specs:
    avalon-workflow (0.0.3)

GIT
  remote: https://github.com/avalonmediasystem/media-element-add-to-playlist.git
  revision: af3644c432e8c61dc6d31a0c72ab4bf28c6ecbdd
  branch: master
  specs:
    media_element_add_to_playlist (0.0.1)
      rails (~> 4.0)

GIT
  remote: https://github.com/avalonmediasystem/media-element-thumbnail-selector
  revision: b919ad61525cd608f42983846c87f48212e11646
  tag: avalon-r4
  specs:
    media_element_thumbnail_selector (0.0.1)
      rails (>= 3.2.3)

GIT
  remote: https://github.com/avalonmediasystem/mediaelement-hd-toggle.git
  revision: 102ad74ef5baef7b15983a9a49586da461fe1d32
  tag: avalon-r4
  specs:
    mediaelement-hd-toggle (0.0.1)

GIT
  remote: https://github.com/avalonmediasystem/mediaelement-qualityselector.git
  revision: f0b1a10883a6e57faedff45112c1fb4243e99ad2
  tag: avalon-r4
  specs:
    mediaelement-qualityselector (0.0.1)

GIT
  remote: https://github.com/avalonmediasystem/mediaelement-skin-avalon.git
  revision: a564874595672d5f751a83ae43685728c247f49e
  tag: avalon-r5
  specs:
    mediaelement-skin-avalon (0.0.1)

GIT
  remote: https://github.com/avalonmediasystem/mediaelement-title.git
  revision: a2e67d24217f06a0a7d46c0175cc64fc178cf1fc
  tag: avalon-r4
  specs:
    mediaelement-title (0.0.1)

GIT
  remote: https://github.com/avalonmediasystem/mediaelement_rails.git
  revision: 6a9911e34a02c4fd8989d723b105b13168bb2611
  branch: captions
  specs:
    mediaelement_rails (0.5.1)
      jquery-rails (>= 1.0)
      railties (>= 3.1)

GIT
  remote: https://github.com/avalonmediasystem/mediainfo.git
  revision: af770d3c4c9867335a2ae0e564f2cfd9bce56aa3
  branch: avalon_fixes
  specs:
    mediainfo (0.7.1)

GIT
  remote: https://github.com/avalonmediasystem/omniauth-lti.git
  revision: 7534c44fc5a3c927aec57bbd3a15cbad37feec74
  tag: avalon-r4
  specs:
    omniauth-lti (0.0.2)
      ims-lti
      omniauth

GIT
  remote: https://github.com/avalonmediasystem/rubyhorn.git
  revision: 9849835a4711f671371e8ef8b18e87bb9183cbba
  specs:
    rubyhorn (0.0.6)
      activesupport
      json
      mediashelf-loggable
      mime-types
      net-http-digest_auth
      om
      rest-client

GIT
  remote: https://github.com/javan/whenever.git
  revision: c7675c81d34131f7107b2930c207c9b994895a08
  specs:
    whenever (0.9.7)
      chronic (>= 0.6.3)

GIT
  remote: https://github.com/projecthydra-labs/active_encode.git
  revision: 5e68c05fd4023d8bc6655d9a65ae709553c7ab8f
  tag: v0.0.3
  specs:
    active_encode (0.0.2)
      activesupport

GIT
  remote: https://github.com/projecthydra/hydra-head.git
  revision: db56e3926ab906e23eaf6ac5dff13087002948a8
  specs:
    hydra-access-controls (10.3.2)
      active-fedora (>= 10.0.0, < 12)
      activesupport (>= 4, < 6)
      blacklight (>= 5.16)
      blacklight-access_controls (~> 0.6)
      cancancan (~> 1.8)
      deprecation (~> 1.0)
    hydra-core (10.3.2)
      hydra-access-controls (= 10.3.2)
      railties (>= 4.0.0, < 6)
    hydra-head (10.3.2)
      hydra-access-controls (= 10.3.2)
      hydra-core (= 10.3.2)
      rails (>= 3.2.6)

GEM
  remote: https://rubygems.org/
  specs:
    actionmailer (4.2.7.1)
      actionpack (= 4.2.7.1)
      actionview (= 4.2.7.1)
      activejob (= 4.2.7.1)
      mail (~> 2.5, >= 2.5.4)
      rails-dom-testing (~> 1.0, >= 1.0.5)
    actionpack (4.2.7.1)
      actionview (= 4.2.7.1)
      activesupport (= 4.2.7.1)
      rack (~> 1.6)
      rack-test (~> 0.6.2)
      rails-dom-testing (~> 1.0, >= 1.0.5)
      rails-html-sanitizer (~> 1.0, >= 1.0.2)
    actionview (4.2.7.1)
      activesupport (= 4.2.7.1)
      builder (~> 3.1)
      erubis (~> 2.7.0)
      rails-dom-testing (~> 1.0, >= 1.0.5)
      rails-html-sanitizer (~> 1.0, >= 1.0.2)
    active-fedora (11.0.1)
      active-triples (~> 0.11.0)
      activemodel (>= 4.2, < 6)
      activesupport (>= 4.2.4, < 6)
      deprecation
      ldp (~> 0.6.0)
      rsolr (~> 1.1, >= 1.1.2)
      solrizer (~> 3.4)
    active-triples (0.11.0)
      activemodel (>= 3.0.0)
      activesupport (>= 3.0.0)
      rdf (~> 2.0, >= 2.0.2)
      rdf-vocab
    active_annotations (0.2.1)
      json-ld
      rdf-vocab (~> 2.1.0)
    active_fedora-datastreams (0.1.0)
      active-fedora (>= 11.0.0.pre, < 12)
      nom-xml (>= 0.5.1)
      om (~> 3.1)
      rdf-rdfxml (~> 2.0)
    active_fedora-noid (2.0.0.beta6)
      active-fedora (>= 9.7, < 12)
      noid (~> 0.9)
      rails (>= 4.2.7.1, < 6)
    activejob (4.2.7.1)
      activesupport (= 4.2.7.1)
      globalid (>= 0.3.0)
    activemodel (4.2.7.1)
      activesupport (= 4.2.7.1)
      builder (~> 3.1)
    activerecord (4.2.7.1)
      activemodel (= 4.2.7.1)
      activesupport (= 4.2.7.1)
      arel (~> 6.0)
    activerecord-session_store (1.0.0)
      actionpack (>= 4.0, < 5.1)
      activerecord (>= 4.0, < 5.1)
      multi_json (~> 1.11, >= 1.11.2)
      rack (>= 1.5.2, < 3)
      railties (>= 4.0, < 5.1)
    activesupport (4.2.7.1)
      i18n (~> 0.7)
      json (~> 1.7, >= 1.7.7)
      minitest (~> 5.1)
      thread_safe (~> 0.3, >= 0.3.4)
      tzinfo (~> 1.1)
    acts_as_list (0.8.1)
      activerecord (>= 3.0)
    addressable (2.4.0)
    airbrussh (1.1.1)
      sshkit (>= 1.6.1, != 1.7.0)
    api-pagination (4.4.0)
    arel (6.0.3)
    ast (2.3.0)
    autoparse (0.3.3)
      addressable (>= 2.3.1)
      extlib (>= 0.9.15)
      multi_json (>= 1.0.0)
    autoprefixer-rails (6.4.1.1)
      execjs
    bcrypt (3.1.11)
    bcrypt-ruby (3.1.5)
      bcrypt (>= 3.1.3)
    binding_of_caller (0.7.2)
      debug_inspector (>= 0.0.1)
    blacklight (6.6.1)
      bootstrap-sass (~> 3.2)
      deprecation
      globalid
      kaminari (>= 0.15)
      nokogiri (~> 1.6)
      rails (>= 4.2, < 6)
      rsolr (~> 1.0, >= 1.0.6)
      twitter-typeahead-rails (= 0.11.1.pre.corejavascript)
    blacklight-access_controls (0.6.1)
      blacklight (~> 6.0)
      cancancan (~> 1.8)
      deprecation (~> 1.0)
    bootstrap-sass (3.3.7)
      autoprefixer-rails (>= 5.2.1)
      sass (>= 3.3.4)
    bootstrap_form (2.5.0)
    browse-everything (0.10.5)
      bootstrap-sass
      dropbox-sdk (>= 1.6.2)
      font-awesome-rails
      google-api-client (~> 0.8.6)
      google_drive
      httparty
      rails (>= 3.1)
      ruby-box
      sass-rails
      skydrive
    builder (3.2.2)
    byebug (9.0.5)
    cancancan (1.15.0)
    capistrano (3.6.1)
      airbrussh (>= 1.0.0)
      capistrano-harrow
      i18n
      rake (>= 10.0.0)
      sshkit (>= 1.9.0)
    capistrano-bundler (1.2.0)
      capistrano (~> 3.1)
      sshkit (~> 1.2)
    capistrano-harrow (0.5.3)
    capistrano-passenger (0.2.0)
      capistrano (~> 3.0)
    capistrano-rails (1.2.0)
      capistrano (~> 3.1)
      capistrano-bundler (~> 1.1)
    capistrano-resque (0.2.3)
      capistrano
      resque
      resque-scheduler
    capistrano-rvm (0.1.2)
      capistrano (~> 3.0)
      sshkit (~> 1.2)
    capybara (2.8.1)
      addressable
      mime-types (>= 1.16)
      nokogiri (>= 1.3.3)
      rack (>= 1.0.0)
      rack-test (>= 0.5.4)
      xpath (~> 2.0)
    chronic (0.10.2)
    coderay (1.1.1)
    coffee-rails (4.1.1)
      coffee-script (>= 2.2.0)
      railties (>= 4.0.0, < 5.1.x)
    coffee-script (2.4.1)
      coffee-script-source
      execjs
    coffee-script-source (1.10.0)
    concurrent-ruby (1.0.2)
    coveralls (0.8.15)
      json (>= 1.8, < 3)
      simplecov (~> 0.12.0)
      term-ansicolor (~> 1.3)
      thor (~> 0.19.1)
      tins (>= 1.6.0, < 2)
    daemons (1.2.4)
    database_cleaner (1.5.3)
    debug_inspector (0.0.2)
    deprecation (1.0.0)
      activesupport
    devise (4.2.0)
      bcrypt (~> 3.0)
      orm_adapter (~> 0.1)
      railties (>= 4.1.0, < 5.1)
      responders
      warden (~> 1.2.3)
    diff-lcs (1.2.5)
    docile (1.1.5)
    domain_name (0.5.20160826)
      unf (>= 0.0.5, < 1.0.0)
    dotenv (2.1.1)
    dotenv-rails (2.1.1)
      dotenv (= 2.1.1)
      railties (>= 4.0, < 5.1)
    dropbox-sdk (1.6.5)
      json
    ebnf (1.0.1)
      rdf (~> 2.0)
      sxp (~> 1.0)
    edtf (3.0.0)
      activesupport (>= 3.0, < 6.0)
    email_spec (2.1.0)
      htmlentities (~> 4.3.3)
      launchy (~> 2.1)
      mail (~> 2.6.3)
    equivalent-xml (0.6.0)
      nokogiri (>= 1.4.3)
    erubis (2.7.0)
    execjs (2.7.0)
    extlib (0.9.16)
    factory_girl (4.7.0)
      activesupport (>= 3.0.0)
    factory_girl_rails (4.7.0)
      factory_girl (~> 4.7.0)
      railties (>= 3.0.0)
    fakefs (0.9.1)
    faker (1.6.6)
      i18n (~> 0.5)
    fakeweb (1.3.0)
    faraday (0.9.2)
      multipart-post (>= 1.2, < 3)
    fcrepo_wrapper (0.6.0)
      ruby-progressbar
    font-awesome-rails (4.6.3.1)
      railties (>= 3.2, < 5.1)
    globalid (0.3.7)
      activesupport (>= 4.1.0)
    google-api-client (0.8.7)
      activesupport (>= 3.2, < 5.0)
      addressable (~> 2.3)
      autoparse (~> 0.3)
      extlib (~> 0.9)
      faraday (~> 0.9)
      googleauth (~> 0.3)
      launchy (~> 2.4)
      multi_json (~> 1.10)
      retriable (~> 1.4)
      signet (~> 0.6)
    google_drive (1.0.6)
      google-api-client (>= 0.7.0, < 0.9)
      nokogiri (>= 1.4.4, != 1.5.2, != 1.5.1)
      oauth (>= 0.3.6)
      oauth2 (>= 0.5.0)
    googleauth (0.5.1)
      faraday (~> 0.9)
      jwt (~> 1.4)
      logging (~> 2.0)
      memoist (~> 0.12)
      multi_json (~> 1.11)
      os (~> 0.9)
      signet (~> 0.7)
    haml (4.0.7)
      tilt
    hamster (3.0.0)
      concurrent-ruby (~> 1.0)
    hashdiff (0.3.0)
    hashie (3.4.4)
    hooks (0.4.1)
      uber (~> 0.0.14)
    htmlentities (4.3.4)
    httmultiparty (0.3.16)
      httparty (>= 0.7.3)
      mimemagic
      multipart-post
    http-cookie (1.0.2)
      domain_name (~> 0.5)
    http_logger (0.5.1)
    httparty (0.14.0)
      multi_xml (>= 0.5.2)
    i18n (0.7.0)
    iconv (1.0.4)
    ims-lti (1.1.12)
      builder
      oauth (~> 0.4.5)
    jbuilder (2.6.0)
      activesupport (>= 3.0.0, < 5.1)
      multi_json (~> 1.2)
    jquery-rails (4.2.1)
      rails-dom-testing (>= 1, < 3)
      railties (>= 4.2.0)
      thor (>= 0.14, < 2.0)
    jquery-ui-rails (5.0.5)
      railties (>= 3.2.16)
    json (1.8.3)
    json-ld (2.1.0)
      multi_json (~> 1.11)
      rdf (~> 2.1)
    jwt (1.5.6)
    kaminari (0.17.0)
      actionpack (>= 3.0.0)
      activesupport (>= 3.0.0)
    launchy (2.4.3)
      addressable (~> 2.3)
    ldp (0.6.1)
      deprecation
      faraday
      http_logger
      json-ld
      rdf (>= 1.1)
      rdf-isomorphic
      rdf-turtle
      rdf-vocab (>= 0.8)
      slop
    link_header (0.0.8)
    little-plugger (1.1.4)
    logging (2.1.0)
      little-plugger (~> 1.1)
      multi_json (~> 1.10)
    loofah (2.0.3)
      nokogiri (>= 1.5.9)
    mail (2.6.4)
      mime-types (>= 1.16, < 4)
    media-element-logo-plugin (0.0.2)
      rails (>= 3.2.3)
    mediashelf-loggable (0.4.10)
    memoist (0.15.0)
    method_source (0.8.2)
    mime-types (3.1)
      mime-types-data (~> 3.2015)
    mime-types-data (3.2016.0521)
    mimemagic (0.3.2)
    mini_portile2 (2.1.0)
    minitest (5.9.1)
    mono_logger (1.1.0)
    multi_json (1.12.1)
    multi_xml (0.5.5)
    multipart-post (2.0.0)
    mysql2 (0.4.4)
    net-http-digest_auth (1.4)
    net-ldap (0.15.0)
    net-scp (1.2.1)
      net-ssh (>= 2.6.5)
    net-ssh (3.2.0)
    netrc (0.11.0)
    noid (0.9.0)
    nokogiri (1.6.8.1)
      mini_portile2 (~> 2.1.0)
    nom-xml (0.5.4)
      activesupport (>= 3.2.18)
      i18n
      nokogiri
    oauth (0.4.7)
    oauth2 (1.2.0)
      faraday (>= 0.8, < 0.10)
      jwt (~> 1.0)
      multi_json (~> 1.3)
      multi_xml (~> 0.5)
      rack (>= 1.2, < 3)
    om (3.1.1)
      activemodel
      activesupport
      nokogiri (>= 1.4.2)
      solrizer (~> 3.3)
    omniauth (1.3.1)
      hashie (>= 1.2, < 4)
      rack (>= 1.0, < 3)
    omniauth-identity (1.1.1)
      bcrypt-ruby (~> 3.0)
      omniauth (~> 1.0)
    orm_adapter (0.5.0)
    os (0.9.6)
    parallel (1.9.0)
    parser (2.3.1.2)
      ast (~> 2.2)
    pg (0.19.0)
    powerpack (0.1.1)
    pry (0.10.4)
      coderay (~> 1.1.0)
      method_source (~> 0.8.1)
      slop (~> 3.4)
    pry-byebug (3.4.0)
      byebug (~> 9.0)
      pry (~> 0.10)
    pry-rails (0.3.4)
      pry (>= 0.9.10)
    rack (1.6.4)
    rack-protection (1.5.3)
      rack
    rack-test (0.6.3)
      rack (>= 1.0)
    rails (4.2.7.1)
      actionmailer (= 4.2.7.1)
      actionpack (= 4.2.7.1)
      actionview (= 4.2.7.1)
      activejob (= 4.2.7.1)
      activemodel (= 4.2.7.1)
      activerecord (= 4.2.7.1)
      activesupport (= 4.2.7.1)
      bundler (>= 1.3.0, < 2.0)
      railties (= 4.2.7.1)
      sprockets-rails
    rails-deprecated_sanitizer (1.0.3)
      activesupport (>= 4.2.0.alpha)
    rails-dom-testing (1.0.7)
      activesupport (>= 4.2.0.beta, < 5.0)
      nokogiri (~> 1.6.0)
      rails-deprecated_sanitizer (>= 1.0.1)
    rails-html-sanitizer (1.0.3)
      loofah (~> 2.0)
    railties (4.2.7.1)
      actionpack (= 4.2.7.1)
      activesupport (= 4.2.7.1)
      rake (>= 0.8.7)
      thor (>= 0.18.1, < 2.0)
    rainbow (2.1.0)
    rake (11.3.0)
    rdf (2.1.0)
      hamster (~> 3.0)
      link_header (~> 0.0, >= 0.0.8)
    rdf-aggregate-repo (2.0.0)
      rdf (~> 2.0)
    rdf-isomorphic (2.0.0)
      rdf (~> 2.0)
    rdf-rdfa (2.0.1)
      haml (~> 4.0)
      htmlentities (~> 4.3)
      rdf (~> 2.0)
      rdf-aggregate-repo (~> 2.0)
      rdf-xsd (~> 2.0)
    rdf-rdfxml (2.0.0)
      htmlentities (~> 4.3)
      rdf (~> 2.0)
      rdf-rdfa (~> 2.0)
      rdf-xsd (~> 2.0)
    rdf-turtle (2.0.0)
      ebnf (~> 1.0, >= 1.0.1)
      rdf (~> 2.0)
    rdf-vocab (2.1.0)
      rdf (~> 2.1)
    rdf-xsd (2.0.0)
      rdf (~> 2.0)
    rdoc (4.2.2)
      json (~> 1.4)
    redis (3.3.1)
    redis-namespace (1.5.2)
      redis (~> 3.0, >= 3.0.4)
    responders (2.3.0)
      railties (>= 4.2.0, < 5.1)
    resque (1.26.0)
      mono_logger (~> 1.0)
      multi_json (~> 1.0)
      redis-namespace (~> 1.3)
      sinatra (>= 0.9.2)
      vegas (~> 0.1.2)
    resque-scheduler (4.3.0)
      mono_logger (~> 1.0)
      redis (~> 3.3)
      resque (~> 1.26)
      rufus-scheduler (~> 3.2)
    rest-client (2.0.0)
      http-cookie (>= 1.0.2, < 2.0)
      mime-types (>= 1.16, < 4.0)
      netrc (~> 0.8)
    retriable (1.4.1)
    roo (2.5.1)
      nokogiri (~> 1)
      rubyzip (~> 1.1, < 2.0.0)
    rsolr (1.1.2)
      builder (>= 2.1.2)
    rspec-core (3.5.3)
      rspec-support (~> 3.5.0)
    rspec-expectations (3.5.0)
      diff-lcs (>= 1.2.0, < 2.0)
      rspec-support (~> 3.5.0)
    rspec-mocks (3.5.0)
      diff-lcs (>= 1.2.0, < 2.0)
      rspec-support (~> 3.5.0)
    rspec-rails (3.5.2)
      actionpack (>= 3.0)
      activesupport (>= 3.0)
      railties (>= 3.0)
      rspec-core (~> 3.5.0)
      rspec-expectations (~> 3.5.0)
      rspec-mocks (~> 3.5.0)
      rspec-support (~> 3.5.0)
    rspec-support (3.5.0)
    rubocop (0.40.0)
      parser (>= 2.3.1.0, < 3.0)
      powerpack (~> 0.1)
      rainbow (>= 1.99.1, < 3.0)
      ruby-progressbar (~> 1.7)
      unicode-display_width (~> 1.0, >= 1.0.1)
    ruby-box (1.15.0)
      addressable
      json
      multipart-post
      oauth2
    ruby-progressbar (1.8.1)
    rubyzip (1.2.0)
    rufus-scheduler (3.2.2)
    sass (3.4.22)
    sass-rails (5.0.6)
      railties (>= 4.0.0, < 6)
      sass (~> 3.1)
      sprockets (>= 2.8, < 4.0)
      sprockets-rails (>= 2.0, < 4.0)
      tilt (>= 1.1, < 3)
    sdoc (0.4.1)
      json (~> 1.7, >= 1.7.7)
      rdoc (~> 4.0)
    shoulda-matchers (3.1.1)
      activesupport (>= 4.0.0)
    signet (0.7.3)
      addressable (~> 2.3)
      faraday (~> 0.9)
      jwt (~> 1.5)
      multi_json (~> 1.10)
    simplecov (0.12.0)
      docile (~> 1.1.0)
      json (>= 1.8, < 3)
      simplecov-html (~> 0.10.0)
    simplecov-html (0.10.0)
    sinatra (1.4.7)
      rack (~> 1.5)
      rack-protection (~> 1.4)
      tilt (>= 1.3, < 3)
    skydrive (1.2.0)
      activesupport
      httmultiparty
      httparty (>= 0.11.0)
      oauth2 (>= 0.9.2)
    slop (3.6.0)
    solr_wrapper (0.18.0)
      faraday
      ruby-progressbar
      rubyzip
    solrizer (3.4.0)
      activesupport
      daemons
      nokogiri
      stomp
      xml-simple
    sprockets (3.7.0)
      concurrent-ruby (~> 1.0)
      rack (> 1, < 3)
    sprockets-rails (3.2.0)
      actionpack (>= 4.0)
      activesupport (>= 4.0)
      sprockets (>= 3.0.0)
    sqlite3 (1.3.11)
    sshkit (1.11.4)
      net-scp (>= 1.1.2)
      net-ssh (>= 2.8.0)
    stomp (1.4.3)
    sxp (1.0.0)
      rdf (~> 2.0)
    term-ansicolor (1.3.2)
      tins (~> 1.0)
    thor (0.19.1)
    thread_safe (0.3.5)
    tilt (2.0.5)
    tins (1.12.0)
    twitter-typeahead-rails (0.11.1.pre.corejavascript)
      actionpack (>= 3.1)
      jquery-rails
      railties (>= 3.1)
    tzinfo (1.2.2)
      thread_safe (~> 0.1)
    uber (0.0.15)
    uglifier (3.0.2)
      execjs (>= 0.3.0, < 3)
    unf (0.1.4)
      unf_ext
    unf_ext (0.0.7.2)
    unicode-display_width (1.1.1)
    vegas (0.1.11)
      rack (>= 1.0.0)
    warden (1.2.6)
      rack (>= 1.0)
    web-console (2.3.0)
      activemodel (>= 4.0)
      binding_of_caller (>= 0.7.2)
      railties (>= 4.0)
      sprockets-rails (>= 2.0, < 4.0)
    with_locking (1.0.2)
    xml-simple (1.1.5)
    xpath (2.0.0)
      nokogiri (~> 1.3)

PLATFORMS
  ruby

DEPENDENCIES
  active-fedora (~> 11.0)
  active_annotations (~> 0.2.0)
  active_encode!
  active_fedora-datastreams
  active_fedora-noid (>= 2.0.0.beta4)
  activerecord-session_store
  acts_as_list
  api-pagination
  avalon-workflow!
  blacklight (~> 6.6)
  bootstrap_form
  browse-everything (~> 0.10.5)
  byebug
  capistrano (~> 3.6)
  capistrano-passenger
  capistrano-rails
  capistrano-resque
  capistrano-rvm
  capybara
  coffee-rails (~> 4.1.0)
  coveralls
  database_cleaner
  devise
  dotenv-rails
  edtf
  email_spec
  equivalent-xml
  factory_girl_rails
  fakefs
  faker
  fakeweb
  fcrepo_wrapper
  hashdiff
  hooks
  hydra-head!
  iconv
  jbuilder (~> 2.0)
  jquery-rails
  jquery-ui-rails
  media-element-logo-plugin
  media_element_add_to_playlist!
  media_element_thumbnail_selector!
  mediaelement-hd-toggle!
  mediaelement-qualityselector!
  mediaelement-skin-avalon!
  mediaelement-title!
  mediaelement_rails!
  mediainfo!
  mysql2
  net-ldap
  omniauth-identity
  omniauth-lti!
  parallel
  pg
  pry-byebug
  pry-rails
  rails (= 4.2.7.1)
  resque (~> 1.26.0)
  resque-scheduler (~> 4.3.0)
  rest-client
  roo
  rsolr (~> 1.0)
  rspec-rails
  rubocop (~> 0.40.0)
  rubyhorn!
  sass-rails (~> 5.0)
  sdoc (~> 0.4.0)
  shoulda-matchers
  simplecov
  solr_wrapper (>= 0.16)
  sqlite3
  uglifier (>= 1.3.0)
  web-console (~> 2.0)
  whenever!
  with_locking

BUNDLED WITH
   1.13.6
