GIT
  remote: git://github.com/sosedoff/capistrano-unicorn.git
  revision: 44eee0541c7887212062a567fafc516509251a1b
  specs:
    capistrano-unicorn (0.1.10)
      capistrano

GIT
  remote: https://github.com/atomical/database_cleaner
  revision: 3e6cba18b6cfb2b241a04db6a41cf5c70a07d0df
  branch: adding_support_for_active_fedora_orm
  specs:
    database_cleaner (1.0.1)

GIT
  remote: https://github.com/avalonmediasystem/avalon-about.git
  revision: 07adb923f21f9d6c28fa8459883abbd1bc813ca9
  specs:
    avalon-about (0.1.0)
      about_page
      mediainfo

GIT
  remote: https://github.com/avalonmediasystem/avalon-batch.git
  revision: 7c57b135e553c391433931663850612563c8b7d3
  specs:
    avalon-batch (0.1.0)
      activemodel
      activesupport
      roo

GIT
  remote: https://github.com/avalonmediasystem/avalon-engage.git
  revision: f19ca230eafda68e230ef2d869727c67d875fc60
  specs:
    avalon-engage (0.0.1)
      less-rails (~> 2.2.3)

GIT
  remote: https://github.com/avalonmediasystem/avalon-workflow.git
  revision: 091acd3cd8034b4f80e3960acea3c1e13288c212
  specs:
    avalon-workflow (0.0.3)

GIT
  remote: https://github.com/avalonmediasystem/felixwrapper.git
  revision: 9659be23666fff7c201e6cd5930d9c7d3bc145cd
  specs:
    felixwrapper (0.0.1)
      activesupport (~> 3.2.3)
      childprocess
      i18n
      logger
      mediashelf-loggable

GIT
  remote: https://github.com/avalonmediasystem/media-element-thumbnail-selector
  revision: 1d9e3efe377d74a8f98ac99eb20d91e4fdcab606
  specs:
    media_element_thumbnail_selector (0.0.1)
      rails (~> 3.2.3)

GIT
  remote: https://github.com/avalonmediasystem/mediaelement_rails.git
  revision: 887730650578b1bcf4f375955d011528360e326c
  specs:
    mediaelement_rails (0.5.1)
      jquery-rails (>= 1.0)
      railties (>= 3.1)

GIT
  remote: https://github.com/avalonmediasystem/red5wrapper.git
  revision: 3cfad64b4a9d43c2d63cc754765110e87a2f55c9
  specs:
    red5wrapper (0.0.1)
      activesupport (~> 3.2.3)
      childprocess
      i18n
      logger
      mediashelf-loggable

GIT
  remote: https://github.com/avalonmediasystem/rubyhorn.git
  revision: acda6fae4b9d1e196cd0534c2401565dcc5c464b
  specs:
    rubyhorn (0.0.5)
      activesupport
      json
      mime-types
      multipart-post
      net-http-digest_auth
      om

GIT
  remote: https://github.com/avalonmediasystem/twitter_bootstrap_form_for.git
  revision: eff5f50fdb19670a942ae87189e804bcb044409c
  branch: bootstrap-2.0
  specs:
    twitter_bootstrap_form_for (2.0.1.0.rc2)
      actionpack (~> 3)
      railties (~> 3)

GIT
  remote: https://github.com/cjcolvar/mediaelement-qualityselector.git
  revision: 05bb80d7268ba054c235a310d6e5db9bf288a640
  specs:
    mediaelement-qualityselector (0.0.1)

GEM
  remote: http://rubygems.org/
  specs:
    about_page (0.2.5)
      rails (~> 3.2)
    actionmailer (3.2.14)
      actionpack (= 3.2.14)
      mail (~> 2.5.4)
    actionpack (3.2.14)
      activemodel (= 3.2.14)
      activesupport (= 3.2.14)
      builder (~> 3.0.0)
      erubis (~> 2.7.0)
      journey (~> 1.0.4)
      rack (~> 1.4.5)
      rack-cache (~> 1.2)
      rack-test (~> 0.6.1)
      sprockets (~> 2.2.1)
    active-fedora (6.4.4)
      activesupport (>= 3.0.0)
      deprecation
      mediashelf-loggable
      nom-xml (>= 0.5.1)
      om (~> 3.0.0)
      rdf
      rdf-rdfxml (= 1.0.1)
      rsolr
      rubydora (~> 1.6, >= 1.6.5)
    activemodel (3.2.14)
      activesupport (= 3.2.14)
      builder (~> 3.0.0)
    activerecord (3.2.14)
      activemodel (= 3.2.14)
      activesupport (= 3.2.14)
      arel (~> 3.0.2)
      tzinfo (~> 0.3.29)
    activeresource (3.2.14)
      activemodel (= 3.2.14)
      activesupport (= 3.2.14)
    activesupport (3.2.14)
      i18n (~> 0.6, >= 0.6.4)
      multi_json (~> 1.0)
    addressable (2.3.5)
    arel (3.0.2)
    bcrypt-ruby (3.0.1)
    blacklight (4.3.0)
      bootstrap-sass (>= 2.2.0, < 2.4)
      kaminari (~> 0.13)
      marc (>= 0.4.3, < 1.1)
      nokogiri (~> 1.6)
      rails (>= 3.2.6, < 5)
      rsolr (~> 1.0.6)
      sass-rails
    block_helpers (0.3.3)
      activesupport (>= 2.0)
    bootstrap-sass (2.3.2.1)
      sass (~> 3.2)
    builder (3.0.4)
    callsite (0.0.11)
    cancan (1.6.10)
    capistrano (2.12.0)
      highline
      net-scp (>= 1.0.0)
      net-sftp (>= 2.0.0)
      net-ssh (>= 2.0.14)
      net-ssh-gateway (>= 1.1.0)
    capybara (2.1.0)
      mime-types (>= 1.16)
      nokogiri (>= 1.3.3)
      rack (>= 1.0.0)
      rack-test (>= 0.5.4)
      xpath (~> 2.0)
    childprocess (0.3.9)
      ffi (~> 1.0, >= 1.0.11)
    chronic (0.9.1)
    chunky_png (1.2.8)
    coderay (1.0.9)
    coffee-rails (3.2.2)
      coffee-script (>= 2.2.0)
      railties (~> 3.2.0)
    coffee-script (2.2.0)
      coffee-script-source
      execjs
    coffee-script-source (1.6.3)
    columnize (0.3.6)
    commonjs (0.2.6)
    compass (0.12.2)
      chunky_png (~> 1.2)
      fssm (>= 0.2.7)
      sass (~> 3.1)
    compass-rails (1.0.3)
      compass (>= 0.12.2, < 0.14)
    compass-susy-plugin (0.9)
      compass (>= 0.11.1)
    daemons (1.1.9)
    debugger (1.6.1)
      columnize (>= 0.3.1)
      debugger-linecache (~> 1.2.0)
      debugger-ruby_core_source (~> 1.2.3)
    debugger-linecache (1.2.0)
    debugger-ruby_core_source (1.2.3)
    delayed_job (3.0.5)
      activesupport (~> 3.0)
    delayed_job_active_record (0.4.4)
      activerecord (>= 2.1.0, < 4)
      delayed_job (~> 3.0)
    deprecation (0.0.5)
      activesupport
    devise (3.0.0)
      bcrypt-ruby (~> 3.0)
      orm_adapter (~> 0.1)
      railties (>= 3.2.6, < 5)
      warden (~> 1.2.3)
    diff-lcs (1.2.4)
    email_spec (1.5.0)
      launchy (~> 2.1)
      mail (~> 2.2)
    equivalent-xml (0.3.0)
      nokogiri (>= 1.4.3)
    erubis (2.7.0)
    execjs (1.4.0)
      multi_json (~> 1.0)
    factory_girl (4.2.0)
      activesupport (>= 3.0.0)
    factory_girl_rails (4.2.1)
      factory_girl (~> 4.2.0)
      railties (>= 3.0.0)
    faker (1.2.0)
      i18n (~> 0.5)
    fastercsv (1.5.5)
    ffi (1.9.0)
    font-awesome-sass-rails (3.0.2.2)
      railties (>= 3.1.1)
      sass-rails (>= 3.1.1)
    fssm (0.2.10)
    grit (2.5.0)
      diff-lcs (~> 1.1)
      mime-types (~> 1.15)
      posix-spawn (~> 0.3.6)
    haml (4.0.3)
      tilt
    handlebars_assets (0.14.1)
      execjs (>= 1.2.9)
      sprockets (>= 2.0.3)
      tilt
    hashie (2.0.5)
    headless (1.0.1)
    highline (1.6.19)
    hike (1.2.3)
    hooks (0.3.1)
    hydra-access-controls (6.3.2)
      active-fedora (~> 6.1)
      activesupport
      blacklight (~> 4.0)
      cancan
      deprecation
    hydra-core (6.3.2)
      active-fedora
      blacklight (~> 4.0)
      block_helpers
      deprecation (>= 0.0.5)
      hydra-access-controls (= 6.3.2)
      jettywrapper (>= 1.4.1)
      rails (>= 3.2.3, < 5)
    hydra-head (6.3.2)
      hydra-access-controls (= 6.3.2)
      hydra-core (= 6.3.2)
      rails (>= 3.2.6)
    i18n (0.6.4)
    iconv (1.0.3)
    jettywrapper (1.4.1)
      activesupport (>= 3.0.0)
      childprocess
      i18n
      logger
      mediashelf-loggable
    journey (1.0.4)
    jquery-rails (2.1.4)
      railties (>= 3.0, < 5.0)
      thor (>= 0.14, < 2.0)
    json (1.8.0)
    kaminari (0.14.1)
      actionpack (>= 3.0.0)
      activesupport (>= 3.0.0)
    kgio (2.8.0)
    launchy (2.3.0)
      addressable (~> 2.3)
    less (2.2.2)
      commonjs (~> 0.2.6)
    less-rails (2.2.6)
      actionpack (>= 3.1)
      less (~> 2.2.0)
    letter_opener (1.1.2)
      launchy (~> 2.2)
    libv8 (3.3.10.4)
    license_header (0.0.4)
      highline
    logger (1.2.8)
    loofah (1.2.1)
      nokogiri (>= 1.4.4)
    mail (2.5.4)
      mime-types (~> 1.16)
      treetop (~> 1.4.8)
    marc (0.5.1)
    mediainfo (0.7.2)
    mediashelf-loggable (0.4.9)
    meta_request (0.2.8)
      callsite
      rack-contrib
      railties
    method_source (0.8.2)
    mime-types (1.23)
    mini_portile (0.5.1)
    modal_logic (0.0.3)
      handlebars_assets (= 0.14.1)
      rails (~> 3.2.13)
    multi_json (1.7.9)
    multipart-post (1.2.0)
    net-http-digest_auth (1.4)
    net-scp (1.1.2)
      net-ssh (>= 2.6.5)
    net-sftp (2.1.2)
      net-ssh (>= 2.6.5)
    net-ssh (2.6.8)
    net-ssh-gateway (1.2.0)
      net-ssh (>= 2.6.5)
    nokogiri (1.6.0)
      mini_portile (~> 0.5.0)
    nom-xml (0.5.1)
      activesupport
      i18n
      nokogiri
    om (3.0.3)
      activemodel
      activesupport
      deprecation
      mediashelf-loggable
      nokogiri (>= 1.4.2)
      solrizer (~> 3.1.0)
    omniauth (1.1.4)
      hashie (>= 1.2, < 3)
      rack
    omniauth-identity (1.1.1)
      bcrypt-ruby (~> 3.0)
      omniauth (~> 1.0)
    orm_adapter (0.4.0)
    polyglot (0.3.3)
    posix-spawn (0.3.6)
    pry (0.9.12.2)
      coderay (~> 1.0.5)
      method_source (~> 0.8)
      slop (~> 3.4)
    pry-debugger (0.2.2)
      debugger (~> 1.3)
      pry (~> 0.9.10)
    pry-rails (0.3.2)
      pry (>= 0.9.10)
    rack (1.4.5)
    rack-cache (1.2)
      rack (>= 0.4)
    rack-contrib (1.1.0)
      rack (>= 0.9.1)
    rack-ssl (1.3.3)
      rack
    rack-test (0.6.2)
      rack (>= 1.0)
    rails (3.2.14)
      actionmailer (= 3.2.14)
      actionpack (= 3.2.14)
      activerecord (= 3.2.14)
      activeresource (= 3.2.14)
      activesupport (= 3.2.14)
      bundler (~> 1.0)
      railties (= 3.2.14)
    railties (3.2.14)
      actionpack (= 3.2.14)
      activesupport (= 3.2.14)
      rack-ssl (~> 1.3.2)
      rake (>= 0.8.7)
      rdoc (~> 3.4)
      thor (>= 0.14.6, < 2.0)
    raindrops (0.11.0)
    rake (10.1.0)
    rb-fsevent (0.9.3)
    rdf (1.0.7)
      addressable (>= 2.2)
    rdf-rdfxml (1.0.1)
      rdf (>= 1.0)
      rdf-xsd (>= 1.0)
    rdf-xsd (1.0.2.1)
      nokogiri (>= 1.5.0)
      rdf (>= 0.3.4)
    rdoc (3.12.2)
      json (~> 1.4)
    rest-client (1.6.7)
      mime-types (>= 1.16)
    roo (1.11.2)
      nokogiri
      rubyzip
      spreadsheet (> 0.6.4)
    rsolr (1.0.9)
      builder (>= 2.1.2)
    rspec (2.14.1)
      rspec-core (~> 2.14.0)
      rspec-expectations (~> 2.14.0)
      rspec-mocks (~> 2.14.0)
    rspec-core (2.14.4)
    rspec-expectations (2.14.0)
      diff-lcs (>= 1.1.3, < 2.0)
    rspec-mocks (2.14.1)
    rspec-rails (2.14.0)
      actionpack (>= 3.0)
      activesupport (>= 3.0)
      railties (>= 3.0)
      rspec-core (~> 2.14.0)
      rspec-expectations (~> 2.14.0)
      rspec-mocks (~> 2.14.0)
    rspec_junit_formatter (0.1.6)
      builder
      rspec (~> 2.0)
      rspec-core (!= 2.12.0)
    ruby-ole (1.2.11.7)
    rubydora (1.6.5)
      activemodel
      activesupport
      deprecation
      equivalent-xml
      fastercsv
      hooks (~> 0.3.0)
      mime-types
      nokogiri
      rest-client
    rubyzip (0.9.9)
    rvm-capistrano (1.4.1)
      capistrano (>= 2.0.0)
    sass (3.2.10)
    sass-rails (3.2.6)
      railties (~> 3.2.0)
      sass (>= 3.1.10)
      tilt (~> 1.3)
    shoulda-matchers (2.2.0)
      activesupport (>= 3.0.0)
    simplecov (0.7.1)
      multi_json (~> 1.0)
      simplecov-html (~> 0.7.1)
    simplecov-html (0.7.1)
    slop (3.4.6)
    solrizer (3.1.1)
      activesupport
      daemons
      mediashelf-loggable (~> 0.4.7)
      nokogiri
      stomp
      xml-simple
    spreadsheet (0.8.8)
      ruby-ole (>= 1.0)
    sprockets (2.2.2)
      hike (~> 1.2)
      multi_json (~> 1.0)
      rack (~> 1.0)
      tilt (~> 1.1, != 1.3.0)
    sqlite3 (1.3.7)
    stomp (1.2.11)
    therubyracer (0.10.2)
      libv8 (~> 3.3.10)
    thor (0.18.1)
    tilt (1.4.1)
    treetop (1.4.14)
      polyglot
      polyglot (>= 0.3.1)
    tzinfo (0.3.37)
    uglifier (2.1.2)
      execjs (>= 0.3.0)
      multi_json (~> 1.0, >= 1.0.2)
    unicorn (4.6.3)
      kgio (~> 2.6)
      rack
      raindrops (~> 0.7)
    unicorn-rails (1.1.0)
      rack
      unicorn
    validates_email_format_of (1.5.3)
    warden (1.2.3)
      rack (>= 1.0)
    whenever (0.8.4)
      activesupport (>= 2.3.4)
      chronic (>= 0.6.3)
    xml-simple (1.1.2)
    xpath (2.0.0)
      nokogiri (~> 1.3)

PLATFORMS
  ruby

DEPENDENCIES
  about_page (>= 0.2.1)
  activerecord-jdbcsqlite3-adapter
  avalon-about!
  avalon-batch!
  avalon-engage!
  avalon-workflow!
  bcrypt-ruby (~> 3.0.0)
  builder (~> 3.0.0)
  capistrano (~> 2.12.0)
  capistrano-unicorn!
  capybara
  coffee-rails (~> 3.2.1)
  compass-rails (~> 1.0.0)
  compass-susy-plugin (~> 0.9.0)
  database_cleaner!
  debugger
  delayed_job_active_record
  devise
  email_spec
  equivalent-xml
  execjs
  factory_girl_rails
  faker
  felixwrapper!
  font-awesome-sass-rails
  grit
  haml
  handlebars_assets
  headless
  hydra-head (~> 6.0)
  iconv
  jdbc-sqlite3
  jettywrapper
  jquery-rails (~> 2.1.4)
  jruby-openssl
  letter_opener
  license_header
  loofah
  media_element_thumbnail_selector!
  mediaelement-qualityselector!
  mediaelement_rails!
  mediainfo
  meta_request
  mime-types (>= 1.1)
  modal_logic
  omniauth-identity
  pry
  pry-debugger
  pry-rails
  rails (~> 3.2.3)
  rb-fsevent (~> 0.9.1)
  red5wrapper!
  rspec-rails (>= 2.9.0)
  rspec_junit_formatter
  rubyhorn!
  rvm-capistrano
  sass-rails (~> 3.2.3)
  shoulda-matchers
  simplecov
  sqlite3
  therubyracer (= 0.10.2)
  therubyrhino
  twitter_bootstrap_form_for!
  uglifier (>= 1.0.3)
  unicorn-rails
  validates_email_format_of
  whenever
