GIT
  remote: https://github.com/avalonmediasystem/about_page.git
  revision: 1b920619cc54fdc99f1cb4da26c18818c1156070
  branch: master
  specs:
    about_page (0.3.1)
      rails (>= 3.2)

GIT
  remote: https://github.com/avalonmediasystem/avalon-about.git
  revision: 8ae33197219cb6cb8b6fee1f616950c29f2b94ce
  tag: avalon-r6.4
  specs:
    avalon-about (0.1.0)
      about_page
      mediainfo

GIT
  remote: https://github.com/avalonmediasystem/avalon-workflow.git
  revision: e1807bcae5a8cc538e15a64ee41e3139a8552364
  branch: rails5
  specs:
    avalon-workflow (0.0.3)

GIT
  remote: https://github.com/avalonmediasystem/fedora-migrate.git
  revision: 170a6e8aacb4413d133c9bd5635742d64ec855bc
  branch: optional_rake_tasks
  specs:
    fedora-migrate (0.5.0)
      rchardet
      rdf-rdfxml
      rubydora (~> 1.8)

GIT
  remote: https://github.com/avalonmediasystem/media-element-add-to-playlist.git
  revision: 4c204ab5bfa36bdd658693ecd79577a8f90fb057
  branch: rails5
  specs:
    media_element_add_to_playlist (0.0.1)
      rails (> 4.0)

GIT
  remote: https://github.com/avalonmediasystem/mediainfo.git
  revision: 788d7f268168e45961d2303e729d1ced71f93f58
  branch: avalon_fixes
  specs:
    mediainfo (0.7.1)

GIT
  remote: https://github.com/avalonmediasystem/omniauth-lti.git
  revision: 7534c44fc5a3c927aec57bbd3a15cbad37feec74
  tag: avalon-r4
  specs:
    omniauth-lti (0.0.2)
      ims-lti
      omniauth

GIT
  remote: https://github.com/avalonmediasystem/rubyhorn.git
  revision: fd1e0ee2cca53df515f58690603e9a6351066106
  tag: avalon-r6
  specs:
    rubyhorn (0.0.6)
      activesupport
      json
      mediashelf-loggable
      mime-types
      net-http-digest_auth
      om
      rest-client

GIT
  remote: https://github.com/bbc/audio_waveform-ruby.git
  revision: 6d2699489f5ce29a40874a936fc581182c87ca69
  specs:
    audio_waveform-ruby (1.0.4)
      json (~> 2.1.0)

GIT
  remote: https://github.com/javan/whenever.git
  revision: 6e69dd8a6b3e2a8f4b2911b4efa5aab65cdc9dcb
  specs:
    whenever (0.10.0)
      chronic (>= 0.6.3)

GIT
  remote: https://github.com/rkallensee/bootstrap-toggle-rails.git
  revision: b85df8ea25ab71628fcec1504c7182dd5d7d3606
  tag: v2.2.1.0
  specs:
    bootstrap-toggle-rails (2.2.1.0)

GEM
  remote: https://rubygems.org/
  specs:
    actioncable (5.1.6)
      actionpack (= 5.1.6)
      nio4r (~> 2.0)
      websocket-driver (~> 0.6.1)
    actionmailer (5.1.6)
      actionpack (= 5.1.6)
      actionview (= 5.1.6)
      activejob (= 5.1.6)
      mail (~> 2.5, >= 2.5.4)
      rails-dom-testing (~> 2.0)
    actionpack (5.1.6)
      actionview (= 5.1.6)
      activesupport (= 5.1.6)
      rack (~> 2.0)
      rack-test (>= 0.6.3)
      rails-dom-testing (~> 2.0)
      rails-html-sanitizer (~> 1.0, >= 1.0.2)
    actionview (5.1.6)
      activesupport (= 5.1.6)
      builder (~> 3.1)
      erubi (~> 1.4)
      rails-dom-testing (~> 2.0)
      rails-html-sanitizer (~> 1.0, >= 1.0.3)
    active-fedora (11.5.2)
      active-triples (>= 0.11.0, < 2.0.0)
      activemodel (>= 4.2, < 6)
      activesupport (>= 4.2.4, < 6)
      deprecation
      faraday (~> 0.12.1)
      faraday-encoding (= 0.0.4)
      ldp (~> 0.7.0)
      rsolr (>= 1.1.2, < 3)
      ruby-progressbar (~> 1.0)
      solrizer (>= 3.4, < 5)
    active-triples (1.1.0)
      activemodel (>= 3.0.0)
      activesupport (>= 3.0.0)
      rdf (>= 2.0.2, < 4.0)
      rdf-vocab (>= 2.0, < 4.0)
    active_annotations (0.2.2)
      json-ld
      rdf-vocab (~> 2.1.0)
    active_elastic_job (2.0.1)
      aws-sdk (~> 2)
      rails (>= 4.2)
    active_encode (0.1.1)
      activesupport
    active_fedora-datastreams (0.1.0)
      active-fedora (>= 11.0.0.pre, < 12)
      nom-xml (>= 0.5.1)
      om (~> 3.1)
      rdf-rdfxml (~> 2.0)
    active_fedora-noid (2.0.2)
      active-fedora (>= 9.7, < 12)
      noid (~> 0.9)
      rails (>= 4.2.7.1, < 6)
    activejob (5.1.6)
      activesupport (= 5.1.6)
      globalid (>= 0.3.6)
    activejob-traffic_control (0.1.3)
      activejob (>= 4.2)
      activesupport (>= 4.2)
      suo
    activemodel (5.1.6)
      activesupport (= 5.1.6)
    activerecord (5.1.6)
      activemodel (= 5.1.6)
      activesupport (= 5.1.6)
      arel (~> 8.0)
    activerecord-session_store (1.1.1)
      actionpack (>= 4.0)
      activerecord (>= 4.0)
      multi_json (~> 1.11, >= 1.11.2)
      rack (>= 1.5.2, < 3)
      railties (>= 4.0)
    activesupport (5.1.6)
      concurrent-ruby (~> 1.0, >= 1.0.2)
      i18n (>= 0.7, < 2)
      minitest (~> 5.1)
      tzinfo (~> 1.1)
    acts_as_list (0.9.15)
      activerecord (>= 3.0)
    addressable (2.5.2)
      public_suffix (>= 2.0.2, < 4.0)
    airbrussh (1.3.0)
      sshkit (>= 1.6.1, != 1.7.0)
    api-pagination (4.8.1)
    archive-zip (0.11.0)
      io-like (~> 0.3.0)
    arel (8.0.0)
    ast (2.4.0)
    autoprefixer-rails (9.1.0)
      execjs
    aws-sdk (2.11.89)
      aws-sdk-resources (= 2.11.89)
    aws-sdk-core (2.11.89)
      aws-sigv4 (~> 1.0)
      jmespath (~> 1.0)
    aws-sdk-rails (1.0.1)
      aws-sdk-resources (~> 2)
      railties (>= 3)
    aws-sdk-resources (2.11.89)
      aws-sdk-core (= 2.11.89)
    aws-sigv4 (1.0.3)
    babel-source (5.8.35)
    babel-transpiler (0.7.0)
      babel-source (>= 4.0, < 6)
      execjs (~> 2.0)
    bcrypt (3.1.12)
    bcrypt-ruby (3.1.5)
      bcrypt (>= 3.1.3)
    bindex (0.5.0)
    bixby (1.0.0)
      rubocop (~> 0.50, <= 0.52.1)
      rubocop-rspec (~> 1.22, <= 1.22.2)
    blacklight (6.15.0)
      bootstrap-sass (~> 3.2)
      deprecation
      globalid
      jbuilder
      kaminari (>= 0.15)
      nokogiri (~> 1.6)
      rails (>= 4.2, < 6)
      rsolr (>= 1.0.6, < 3)
      twitter-typeahead-rails (= 0.11.1.pre.corejavascript)
    blacklight-access_controls (0.6.2)
      blacklight (~> 6.0)
      cancancan (~> 1.8)
      deprecation (~> 1.0)
    bootsnap (1.3.1)
      msgpack (~> 1.0)
    bootstrap-sass (3.3.7)
      autoprefixer-rails (>= 5.2.1)
      sass (>= 3.3.4)
    bootstrap_form (2.7.0)
    browse-everything (0.13.1)
      addressable (~> 2.5)
      aws-sdk
      bootstrap-sass
      dropbox-sdk (>= 1.6.2)
      font-awesome-rails
      google-api-client (~> 0.9)
      google_drive
      httparty
      rails (>= 3.1)
      ruby-box
      sass-rails
      signet
      skydrive
    builder (3.2.3)
    byebug (10.0.2)
    cancancan (1.17.0)
    capistrano (3.11.0)
      airbrussh (>= 1.0.0)
      i18n
      rake (>= 10.0.0)
      sshkit (>= 1.9.0)
    capistrano-bundler (1.3.0)
      capistrano (~> 3.1)
      sshkit (~> 1.2)
    capistrano-passenger (0.2.0)
      capistrano (~> 3.0)
    capistrano-rails (1.4.0)
      capistrano (~> 3.1)
      capistrano-bundler (~> 1.1)
    capistrano-resque (0.2.3)
      capistrano
      resque
      resque-scheduler
    capistrano-rvm (0.1.2)
      capistrano (~> 3.0)
      sshkit (~> 1.2)
    capybara (3.3.1)
      addressable
      mini_mime (>= 0.1.3)
      nokogiri (~> 1.8)
      rack (>= 1.6.0)
      rack-test (>= 0.6.3)
      xpath (~> 3.1)
    childprocess (0.9.0)
      ffi (~> 1.0, >= 1.0.11)
    chromedriver-helper (2.1.0)
      archive-zip (~> 0.10)
      nokogiri (~> 1.8)
    chronic (0.10.2)
    cloudfront-signer (3.0.2)
    codeclimate-test-reporter (1.0.8)
      simplecov (<= 0.13)
    coderay (1.1.2)
    coffee-rails (4.2.2)
      coffee-script (>= 2.2.0)
      railties (>= 4.0.0)
    coffee-script (2.4.1)
      coffee-script-source
      execjs
    coffee-script-source (1.12.2)
    concurrent-ruby (1.1.4)
    config (1.7.0)
      activesupport (>= 3.0)
      deep_merge (~> 1.2.1)
      dry-validation (>= 0.10.4)
    connection_pool (2.2.2)
    crack (0.4.3)
      safe_yaml (~> 1.0.0)
    crass (1.0.4)
    daemons (1.2.6)
    dalli (2.7.8)
    database_cleaner (1.7.0)
    declarative (0.0.10)
    declarative-option (0.1.0)
    deep_merge (1.2.1)
    deprecation (1.0.0)
      activesupport
    devise (4.4.3)
      bcrypt (~> 3.0)
      orm_adapter (~> 0.1)
      railties (>= 4.1.0, < 6.0)
      responders
      warden (~> 1.2.3)
    diff-lcs (1.3)
    docile (1.1.5)
    domain_name (0.5.20180417)
      unf (>= 0.0.5, < 1.0.0)
    dotenv (2.5.0)
    dotenv-rails (2.5.0)
      dotenv (= 2.5.0)
      railties (>= 3.2, < 6.0)
    dropbox-sdk (1.6.5)
      json
    dry-configurable (0.7.0)
      concurrent-ruby (~> 1.0)
    dry-container (0.6.0)
      concurrent-ruby (~> 1.0)
      dry-configurable (~> 0.1, >= 0.1.3)
    dry-core (0.4.7)
      concurrent-ruby (~> 1.0)
    dry-equalizer (0.2.1)
    dry-inflector (0.1.2)
    dry-logic (0.4.2)
      dry-container (~> 0.2, >= 0.2.6)
      dry-core (~> 0.2)
      dry-equalizer (~> 0.2)
    dry-types (0.13.2)
      concurrent-ruby (~> 1.0)
      dry-container (~> 0.3)
      dry-core (~> 0.4, >= 0.4.4)
      dry-equalizer (~> 0.2)
      dry-inflector (~> 0.1, >= 0.1.2)
      dry-logic (~> 0.4, >= 0.4.2)
    dry-validation (0.12.1)
      concurrent-ruby (~> 1.0)
      dry-configurable (~> 0.1, >= 0.1.3)
      dry-core (~> 0.2, >= 0.2.1)
      dry-equalizer (~> 0.2)
      dry-logic (~> 0.4, >= 0.4.0)
      dry-types (~> 0.13.1)
    ebnf (1.1.2)
      rdf (>= 2.2, < 4.0)
      sxp (~> 1.0)
    edtf (3.0.4)
      activesupport (>= 3.0, < 6.0)
    email_spec (2.2.0)
      htmlentities (~> 4.3.3)
      launchy (~> 2.1)
      mail (~> 2.7)
    equivalent-xml (0.6.0)
      nokogiri (>= 1.4.3)
    erubi (1.8.0)
    et-orbi (1.1.3)
      tzinfo
    execjs (2.7.0)
    factory_bot (4.10.0)
      activesupport (>= 3.0.0)
    factory_bot_rails (4.10.0)
      factory_bot (~> 4.10.0)
      railties (>= 3.0.0)
    fakefs (0.17.0)
    faker (1.9.1)
      i18n (>= 0.7)
    faraday (0.12.2)
      multipart-post (>= 1.2, < 3)
    faraday-encoding (0.0.4)
      faraday
    fcrepo_wrapper (0.9.0)
      ruby-progressbar
    ffi (1.9.25)
    font-awesome-rails (4.7.0.4)
      railties (>= 3.2, < 6.0)
    fugit (1.1.3)
      et-orbi (~> 1.1, >= 1.1.1)
      raabro (~> 1.1)
    globalid (0.4.2)
      activesupport (>= 4.2.0)
    google-analytics-rails (1.1.0)
    google-api-client (0.23.4)
      addressable (~> 2.5, >= 2.5.1)
      googleauth (>= 0.5, < 0.7.0)
      httpclient (>= 2.8.1, < 3.0)
      mime-types (~> 3.0)
      representable (~> 3.0)
      retriable (>= 2.0, < 4.0)
    google_drive (2.1.3)
      google-api-client (>= 0.11.0, < 1.0.0)
      googleauth (>= 0.5.0, < 1.0.0)
      nokogiri (>= 1.5.3, < 2.0.0)
    googleauth (0.6.2)
      faraday (~> 0.12)
      jwt (>= 1.4, < 3.0)
      logging (~> 2.0)
      memoist (~> 0.12)
      multi_json (~> 1.11)
      os (~> 0.9)
      signet (~> 0.7)
    haml (5.0.4)
      temple (>= 0.8.0)
      tilt
    hamster (3.0.0)
      concurrent-ruby (~> 1.0)
    hashdiff (0.3.7)
    hashie (3.5.7)
    hooks (0.4.1)
      uber (~> 0.0.14)
    htmlentities (4.3.4)
    httmultiparty (0.3.16)
      httparty (>= 0.7.3)
      mimemagic
      multipart-post
    http-cookie (1.0.3)
      domain_name (~> 0.5)
    http_logger (0.5.1)
    httparty (0.16.2)
      multi_xml (>= 0.5.2)
    httpclient (2.8.3)
    hydra-access-controls (10.6.0)
      active-fedora (>= 10.0.0, < 13)
      activesupport (>= 4, < 6)
      blacklight (>= 5.16)
      blacklight-access_controls (~> 0.6.0)
      cancancan (~> 1.8)
      deprecation (~> 1.0)
    hydra-core (10.6.0)
      hydra-access-controls (= 10.6.0)
      railties (>= 4.0.0, < 6)
    hydra-head (10.6.0)
      hydra-access-controls (= 10.6.0)
      hydra-core (= 10.6.0)
      rails (>= 3.2.6)
    i18n (1.5.2)
      concurrent-ruby (~> 1.0)
    iconv (1.0.6)
    iiif_manifest (0.5.0)
      activesupport (>= 4)
    ims-lti (1.1.13)
      builder
      oauth (>= 0.4.5, < 0.6)
    io-like (0.3.0)
    jbuilder (2.7.0)
      activesupport (>= 4.2.0)
      multi_json (>= 1.2)
    jmespath (1.4.0)
    jquery-datatables (1.10.16)
    jquery-rails (4.3.3)
      rails-dom-testing (>= 1, < 3)
      railties (>= 4.2.0)
      thor (>= 0.14, < 2.0)
    jquery-ui-rails (6.0.1)
      railties (>= 3.2.16)
    json (2.1.0)
    json-ld (2.2.1)
      multi_json (~> 1.12)
      rdf (>= 2.2.8, < 4.0)
    jwt (1.5.6)
    kaminari (1.1.1)
      activesupport (>= 4.1.0)
      kaminari-actionview (= 1.1.1)
      kaminari-activerecord (= 1.1.1)
      kaminari-core (= 1.1.1)
    kaminari-actionview (1.1.1)
      actionview
      kaminari-core (= 1.1.1)
    kaminari-activerecord (1.1.1)
      activerecord
      kaminari-core (= 1.1.1)
    kaminari-core (1.1.1)
    launchy (2.4.3)
      addressable (~> 2.3)
    ldp (0.7.2)
      deprecation
      faraday
      http_logger
      json-ld
      rdf (>= 1.1)
      rdf-isomorphic
      rdf-turtle
      rdf-vocab (>= 0.8)
      slop
    link_header (0.0.8)
    listen (3.1.5)
      rb-fsevent (~> 0.9, >= 0.9.4)
      rb-inotify (~> 0.9, >= 0.9.7)
      ruby_dep (~> 1.2)
    little-plugger (1.1.4)
    logging (2.2.2)
      little-plugger (~> 1.1)
      multi_json (~> 1.10)
    lograge (0.10.0)
      actionpack (>= 4)
      activesupport (>= 4)
      railties (>= 4)
      request_store (~> 1.0)
    loofah (2.2.3)
      crass (~> 1.0.2)
      nokogiri (>= 1.5.9)
    mail (2.7.1)
      mini_mime (>= 0.1.1)
    marc (1.0.2)
      scrub_rb (>= 1.0.1, < 2)
      unf
    mediashelf-loggable (0.4.10)
    memoist (0.16.0)
    method_source (0.9.2)
    mime-types (3.1)
      mime-types-data (~> 3.2015)
    mime-types-data (3.2016.0521)
    mimemagic (0.3.2)
    mini_mime (1.0.1)
    mini_portile2 (2.4.0)
    minitest (5.11.3)
    mono_logger (1.1.0)
    msgpack (1.2.4)
    multi_json (1.13.1)
    multi_xml (0.6.0)
    multipart-post (2.0.0)
    mustermann (1.0.2)
    mysql2 (0.5.2)
    net-http-digest_auth (1.4.1)
    net-ldap (0.16.1)
    net-scp (1.2.1)
      net-ssh (>= 2.6.5)
    net-ssh (5.0.2)
    netrc (0.11.0)
    nio4r (2.3.1)
    noid (0.9.0)
    nokogiri (1.10.1)
      mini_portile2 (~> 2.4.0)
    nom-xml (0.6.0)
      activesupport (>= 3.2.18)
      i18n
      nokogiri
    oauth (0.5.4)
    oauth2 (1.4.0)
      faraday (>= 0.8, < 0.13)
      jwt (~> 1.0)
      multi_json (~> 1.3)
      multi_xml (~> 0.5)
      rack (>= 1.2, < 3)
    om (3.1.1)
      activemodel
      activesupport
      nokogiri (>= 1.4.2)
      solrizer (~> 3.3)
    omniauth (1.8.1)
      hashie (>= 3.4.6, < 3.6.0)
      rack (>= 1.6.2, < 3)
    omniauth-identity (1.1.1)
      bcrypt-ruby (~> 3.0)
      omniauth (~> 1.0)
    orm_adapter (0.5.0)
    os (0.9.6)
    parallel (1.12.1)
    parser (2.5.1.2)
      ast (~> 2.4.0)
    pg (1.0.0)
    powerpack (0.1.2)
    pry (0.11.3)
      coderay (~> 1.1.0)
      method_source (~> 0.9.0)
    pry-byebug (3.6.0)
      byebug (~> 10.0)
      pry (~> 0.10)
    pry-rails (0.3.6)
      pry (>= 0.10.4)
    public_suffix (3.0.2)
    raabro (1.1.6)
    rack (2.0.6)
    rack-cors (1.0.2)
    rack-protection (2.0.3)
      rack
    rack-proxy (0.6.5)
      rack
    rack-test (1.1.0)
      rack (>= 1.0, < 3)
    rails (5.1.6)
      actioncable (= 5.1.6)
      actionmailer (= 5.1.6)
      actionpack (= 5.1.6)
      actionview (= 5.1.6)
      activejob (= 5.1.6)
      activemodel (= 5.1.6)
      activerecord (= 5.1.6)
      activesupport (= 5.1.6)
      bundler (>= 1.3.0)
      railties (= 5.1.6)
      sprockets-rails (>= 2.0.0)
    rails-controller-testing (1.0.2)
      actionpack (~> 5.x, >= 5.0.1)
      actionview (~> 5.x, >= 5.0.1)
      activesupport (~> 5.x)
    rails-dom-testing (2.0.3)
      activesupport (>= 4.2.0)
      nokogiri (>= 1.6)
    rails-html-sanitizer (1.0.4)
      loofah (~> 2.2, >= 2.2.2)
    railties (5.1.6)
      actionpack (= 5.1.6)
      activesupport (= 5.1.6)
      method_source
      rake (>= 0.8.7)
      thor (>= 0.18.1, < 2.0)
    rainbow (3.0.0)
    rake (12.3.2)
    rb-fsevent (0.10.3)
    rb-inotify (0.9.10)
      ffi (>= 0.5.0, < 2)
    rb-readline (0.5.5)
    rchardet (1.8.0)
    rdf (2.2.12)
      hamster (~> 3.0)
      link_header (~> 0.0, >= 0.0.8)
    rdf-aggregate-repo (2.2.1)
      rdf (>= 2.2, < 4.0)
    rdf-isomorphic (2.2.0)
      rdf (>= 2.0, < 4.0)
    rdf-rdfa (2.2.4)
      haml (~> 5.0)
      htmlentities (~> 4.3)
      rdf (>= 2.2, < 4.0)
      rdf-aggregate-repo (>= 2.2, < 4.0)
      rdf-xsd (>= 2.2, < 4.0)
    rdf-rdfxml (2.2.1)
      htmlentities (~> 4.3)
      rdf (>= 2.2, < 4.0)
      rdf-rdfa (>= 2.2, < 4.0)
      rdf-xsd (>= 2.2, < 4.0)
    rdf-turtle (2.2.2)
      ebnf (~> 1.1)
      rdf (>= 2.2, < 4.0)
    rdf-vocab (2.1.1)
      rdf (~> 2.1)
    rdf-xsd (2.2.1)
      rdf (>= 2.2, < 4.0)
    react-rails (2.4.7)
      babel-transpiler (>= 0.7.0)
      connection_pool
      execjs
      railties (>= 3.2)
      tilt
    recaptcha (4.12.0)
      json
    redis (4.0.1)
    redis-actionpack (5.0.2)
      actionpack (>= 4.0, < 6)
      redis-rack (>= 1, < 3)
      redis-store (>= 1.1.0, < 2)
    redis-activesupport (5.0.7)
      activesupport (>= 3, < 6)
      redis-store (>= 1.3, < 2)
    redis-namespace (1.6.0)
      redis (>= 3.0.4)
    redis-rack (2.0.4)
      rack (>= 1.5, < 3)
      redis-store (>= 1.2, < 2)
    redis-rails (5.0.2)
      redis-actionpack (>= 5.0, < 6)
      redis-activesupport (>= 5.0, < 6)
      redis-store (>= 1.2, < 2)
    redis-store (1.5.0)
      redis (>= 2.2, < 5)
    representable (3.0.4)
      declarative (< 0.1.0)
      declarative-option (< 0.2.0)
      uber (< 0.2.0)
    request_store (1.4.1)
      rack (>= 1.4)
    responders (2.4.0)
      actionpack (>= 4.2.0, < 5.3)
      railties (>= 4.2.0, < 5.3)
    resque (1.27.4)
      mono_logger (~> 1.0)
      multi_json (~> 1.0)
      redis-namespace (~> 1.3)
      sinatra (>= 0.9.2)
      vegas (~> 0.1.2)
    resque-scheduler (4.3.1)
      mono_logger (~> 1.0)
      redis (>= 3.3, < 5)
      resque (~> 1.26)
      rufus-scheduler (~> 3.2)
    rest-client (2.0.2)
      http-cookie (>= 1.0.2, < 2.0)
      mime-types (>= 1.16, < 4.0)
      netrc (~> 0.8)
    retriable (3.1.2)
    roo (2.7.1)
      nokogiri (~> 1)
      rubyzip (~> 1.1, < 2.0.0)
    rsolr (1.1.2)
      builder (>= 2.1.2)
    rspec-core (3.7.1)
      rspec-support (~> 3.7.0)
    rspec-expectations (3.7.0)
      diff-lcs (>= 1.2.0, < 2.0)
      rspec-support (~> 3.7.0)
    rspec-mocks (3.7.0)
      diff-lcs (>= 1.2.0, < 2.0)
      rspec-support (~> 3.7.0)
    rspec-rails (3.7.2)
      actionpack (>= 3.0)
      activesupport (>= 3.0)
      railties (>= 3.0)
      rspec-core (~> 3.7.0)
      rspec-expectations (~> 3.7.0)
      rspec-mocks (~> 3.7.0)
      rspec-support (~> 3.7.0)
    rspec-retry (0.6.1)
      rspec-core (> 3.3)
    rspec-support (3.7.1)
    rubocop (0.52.1)
      parallel (~> 1.10)
      parser (>= 2.4.0.2, < 3.0)
      powerpack (~> 0.1)
      rainbow (>= 2.2.2, < 4.0)
      ruby-progressbar (~> 1.7)
      unicode-display_width (~> 1.0, >= 1.0.1)
    rubocop-rspec (1.22.2)
      rubocop (>= 0.52.1)
    ruby-box (1.15.0)
      addressable
      json
      multipart-post
      oauth2
    ruby-progressbar (1.9.0)
    ruby_dep (1.5.0)
    rubydora (1.9.1)
      activemodel
      activesupport
      deprecation
      equivalent-xml
      hooks (~> 0.3)
      mime-types
      nokogiri
      rest-client
    rubyzip (1.2.2)
    rufus-scheduler (3.5.0)
      fugit (~> 1.1, >= 1.1.1)
    safe_yaml (1.0.4)
    sass (3.4.22)
    sass-rails (5.0.7)
      railties (>= 4.0.0, < 6)
      sass (~> 3.1)
      sprockets (>= 2.8, < 4.0)
      sprockets-rails (>= 2.0, < 4.0)
      tilt (>= 1.1, < 3)
    scrub_rb (1.0.1)
    selenium-webdriver (3.141.0)
      childprocess (~> 0.5)
      rubyzip (~> 1.2, >= 1.2.2)
    shoulda-matchers (3.1.2)
      activesupport (>= 4.0.0)
    signet (0.8.1)
      addressable (~> 2.3)
      faraday (~> 0.9)
      jwt (>= 1.5, < 3.0)
      multi_json (~> 1.10)
    simplecov (0.13.0)
      docile (~> 1.1.0)
      json (>= 1.8, < 3)
      simplecov-html (~> 0.10.0)
    simplecov-html (0.10.2)
    sinatra (2.0.3)
      mustermann (~> 1.0)
      rack (~> 2.0)
      rack-protection (= 2.0.3)
      tilt (~> 2.0)
    skydrive (1.2.0)
      activesupport
      httmultiparty
      httparty (>= 0.11.0)
      oauth2 (>= 0.9.2)
    slop (4.6.2)
    solr_wrapper (2.0.0)
      faraday
      retriable
      ruby-progressbar
      rubyzip
    solrizer (3.4.1)
      activesupport
      daemons
      nokogiri
      stomp
      xml-simple
    speedy-af (0.1.2)
      active-fedora (>= 11.0.0)
      activesupport (< 5.2)
    sprockets (3.7.2)
      concurrent-ruby (~> 1.0)
      rack (> 1, < 3)
    sprockets-es6 (0.9.2)
      babel-source (>= 5.8.11)
      babel-transpiler
      sprockets (>= 3.0.0)
    sprockets-rails (3.2.1)
      actionpack (>= 4.0)
      activesupport (>= 4.0)
      sprockets (>= 3.0.0)
    sqlite3 (1.3.13)
    sshkit (1.17.0)
      net-scp (>= 1.1.2)
      net-ssh (>= 2.8.0)
    stomp (1.4.4)
    suo (0.3.2)
      dalli
      msgpack
      redis
    sxp (1.0.1)
      rdf (>= 2.2, < 4.0)
    temple (0.8.0)
    thor (0.20.3)
    thread_safe (0.3.6)
    tilt (2.0.8)
    twitter-typeahead-rails (0.11.1.pre.corejavascript)
      actionpack (>= 3.1)
      jquery-rails
      railties (>= 3.1)
    tzinfo (1.2.5)
      thread_safe (~> 0.1)
    uber (0.0.15)
    uglifier (4.1.15)
      execjs (>= 0.3.0, < 3)
    unf (0.1.4)
      unf_ext
    unf_ext (0.0.7.5)
    unicode-display_width (1.4.0)
    vegas (0.1.11)
      rack (>= 1.0.0)
    warden (1.2.7)
      rack (>= 1.0)
    wavefile (1.0.0)
    web-console (3.6.2)
      actionview (>= 5.0)
      activemodel (>= 5.0)
      bindex (>= 0.4.0)
      railties (>= 5.0)
    webmock (3.5.1)
      addressable (>= 2.3.6)
      crack (>= 0.3.2)
      hashdiff
    webpacker (3.5.5)
      activesupport (>= 4.2)
      rack-proxy (>= 0.6.1)
      railties (>= 4.2)
    websocket-driver (0.6.5)
      websocket-extensions (>= 0.1.0)
    websocket-extensions (0.1.3)
    with_locking (1.0.2)
    xml-simple (1.1.5)
    xpath (3.1.0)
      nokogiri (~> 1.8)
    xray-rails (0.3.1)
      rails (>= 3.1.0)
    zk (1.9.6)
      zookeeper (~> 1.4.0)
    zookeeper (1.4.11)
    zoom (0.5.0)

PLATFORMS
  ruby

DEPENDENCIES
  about_page!
  active-fedora (~> 11.2)
  active_annotations (~> 0.2.2)
  active_elastic_job (~> 2.0)
  active_encode (~> 0.1.1)
  active_fedora-datastreams
  active_fedora-noid (~> 2.0.2)
  activejob-traffic_control
  activerecord-session_store
  acts_as_list
  api-pagination
  audio_waveform-ruby!
  avalon-about!
  avalon-workflow!
  aws-sdk (~> 2.0)
  aws-sdk-rails
  bixby
  blacklight (< 7.0)
  bootsnap
  bootstrap-toggle-rails!
  bootstrap_form
  browse-everything (~> 0.13.0)
  byebug
  capistrano (~> 3.6)
  capistrano-passenger
  capistrano-rails
  capistrano-resque
  capistrano-rvm
  capybara
  chromedriver-helper
  cloudfront-signer
  codeclimate-test-reporter
  coffee-rails (~> 4.2.0)
  config
  database_cleaner
  devise (~> 4.4)
  dotenv-rails
  edtf
  email_spec
  equivalent-xml
  factory_bot_rails
  fakefs
  faker
  fcrepo_wrapper
  fedora-migrate!
  google-analytics-rails (= 1.1.0)
  hashdiff
  hooks
  hydra-head (~> 10.6)
  iconv (~> 1.0.6)
  iiif_manifest
  ims-lti (~> 1.1.13)
  jbuilder (~> 2.0)
  jquery-datatables
  jquery-rails
  jquery-ui-rails
  listen
  lograge
  marc
  media_element_add_to_playlist!
  mediainfo!
  mysql2
  net-ldap
  omniauth-identity
  omniauth-lti!
  parallel
  pg
  pry-byebug
  pry-rails
  rack-cors
  rails (= 5.1.6)
  rails-controller-testing
  rb-readline
  rdf (~> 2.2)
  rdf-rdfxml
  react-rails
  recaptcha
  redis-rails
  resque (~> 1.27.0)
  resque-scheduler (~> 4.3.0)
  rest-client
  roo
  rsolr (~> 1.0)
  rspec-rails
  rspec-retry
  rubyhorn!
  sass (= 3.4.22)
  sass-rails (~> 5.0)
  selenium-webdriver
  shoulda-matchers
  simplecov
  solr_wrapper (>= 0.16)
  speedy-af (~> 0.1.1)
  sprockets (~> 3.7.2)
  sprockets-es6
  sqlite3
  uglifier (>= 1.3.0)
  wavefile
  web-console
  webmock
  webpacker
  whenever!
  with_locking
  xray-rails
  zk
  zoom

BUNDLED WITH
   1.17.2
