GIT
  remote: https://github.com/Empact/roo
  revision: 9e1b969762cbb80b1c52cfddd848e489f22f468f
  ref: 9e1b969762cbb80b1c52cfddd848e489f22f468f
  specs:
    roo (1.13.2)
      nokogiri
      rubyzip
      spreadsheet (> 0.6.4)

GIT
  remote: https://github.com/atomical/database_cleaner
  revision: 5d6c5956cb78668d3b4df3edfd3678dda7f5838a
  branch: adding_support_for_active_fedora_orm
  specs:
    database_cleaner (1.0.1)

GIT
  remote: https://github.com/avalonmediasystem/about_page.git
  revision: 3893bfc0e2275036e12147b80d4070529f02fac2
  specs:
    about_page (0.3.1)
      grit
      rails (>= 3.2)

GIT
  remote: https://github.com/avalonmediasystem/avalon-about.git
  revision: 4bb6dda8426bfdad0969bbadb8f921c633d1cda0
  specs:
    avalon-about (0.1.0)
      about_page
      mediainfo

GIT
  remote: https://github.com/avalonmediasystem/avalon-batch.git
  revision: 2737cac71d2e6a990ea6b937e6181f02c471b00f
  tag: v3.1
  specs:
    avalon-batch (0.3.0)
      activemodel
      activesupport
      roo

GIT
  remote: https://github.com/avalonmediasystem/avalon-workflow.git
  revision: ba96ef3873be6270c0d73174b01b570400979b83
  tag: avalon-r3
  specs:
    avalon-workflow (0.0.3)

GIT
  remote: https://github.com/avalonmediasystem/felixwrapper.git
  revision: 2ae939d4811bc245d9f80c6a3f6cf6cc70d8c5b4
  tag: v3.1
  specs:
    felixwrapper (0.0.1)
      activesupport (>= 3.2.3)
      childprocess
      dot-properties
      i18n
      logger
      mediashelf-loggable

GIT
  remote: https://github.com/avalonmediasystem/media-element-thumbnail-selector
  revision: f5a107b6553894ebed6d87eba1b6f50f8c1a480c
  tag: v3.1
  specs:
    media_element_thumbnail_selector (0.0.1)
      rails (>= 3.2.3)

GIT
  remote: https://github.com/avalonmediasystem/mediaelement-hd-toggle.git
  revision: 102ad74ef5baef7b15983a9a49586da461fe1d32
  specs:
    mediaelement-hd-toggle (0.0.1)

GIT
  remote: https://github.com/avalonmediasystem/mediaelement-qualityselector.git
  revision: fb5f36e24bc6309ace5d382bc533e83dc0ba5dd1
  specs:
    mediaelement-qualityselector (0.0.1)

GIT
  remote: https://github.com/avalonmediasystem/mediaelement-skin-avalon.git
  revision: 04bacf10aa13f6f363e40cc03feda417c395ee8a
  specs:
    mediaelement-skin-avalon (0.0.1)

GIT
  remote: https://github.com/avalonmediasystem/mediaelement-title.git
  revision: a2e67d24217f06a0a7d46c0175cc64fc178cf1fc
  specs:
    mediaelement-title (0.0.1)

GIT
  remote: https://github.com/avalonmediasystem/mediaelement_rails.git
  revision: de27be5f4355886aee0e39711c1dd3db8aac698a
  tag: v3.1
  specs:
    mediaelement_rails (0.5.1)
      jquery-rails (>= 1.0)
      railties (>= 3.1)

GIT
  remote: https://github.com/avalonmediasystem/omniauth-lti.git
  revision: 7534c44fc5a3c927aec57bbd3a15cbad37feec74
  tag: v3.1
  specs:
    omniauth-lti (0.0.2)
      ims-lti
      omniauth

GIT
  remote: https://github.com/avalonmediasystem/red5wrapper.git
  revision: 0975db8c8664730734c54cc5683bc75400e4143e
  tag: v3.1
  specs:
    red5wrapper (0.0.1)
      activesupport (>= 3.2.3)
      childprocess
      i18n
      logger
      mediashelf-loggable

GIT
  remote: https://github.com/avalonmediasystem/rubyhorn.git
  revision: 46425a41d0730c739d60b2f25c192847dda31d8c
  specs:
    rubyhorn (0.0.5)
      activesupport
      json
      mime-types
      net-http-digest_auth
      om
      rest-client

GEM
  remote: http://rubygems.org/
  specs:
    actionmailer (4.0.8)
      actionpack (= 4.0.8)
      mail (~> 2.5.4)
    actionpack (4.0.8)
      activesupport (= 4.0.8)
      builder (~> 3.1.0)
      erubis (~> 2.7.0)
      rack (~> 1.5.2)
      rack-test (~> 0.6.2)
    active-fedora (7.1.0)
      active-triples (~> 0.2.2)
      activesupport (>= 3.0.0)
      deprecation
      nom-xml (>= 0.5.1)
      om (~> 3.1)
      rdf-rdfxml (~> 1.1.0)
      rsolr (~> 1.0.10)
      rubydora (~> 1.8)
    active-triples (0.2.2)
      activemodel (>= 3.0.0)
      activesupport (>= 3.0.0)
      deprecation (~> 0.1)
      linkeddata (~> 1.1)
      rdf (~> 1.1)
    activemodel (4.0.8)
      activesupport (= 4.0.8)
      builder (~> 3.1.0)
    activerecord (4.0.8)
      activemodel (= 4.0.8)
      activerecord-deprecated_finders (~> 1.0.2)
      activesupport (= 4.0.8)
      arel (~> 4.0.0)
    activerecord-deprecated_finders (1.0.3)
    activerecord-session_store (0.1.0)
      actionpack (>= 4.0.0, < 5)
      activerecord (>= 4.0.0, < 5)
      railties (>= 4.0.0, < 5)
    activesupport (4.0.8)
      i18n (~> 0.6, >= 0.6.9)
      minitest (~> 4.2)
      multi_json (~> 1.3)
      thread_safe (~> 0.1)
      tzinfo (~> 0.3.37)
    addressable (2.3.6)
    arel (4.0.2)
    autoparse (0.3.3)
      addressable (>= 2.3.1)
      extlib (>= 0.9.15)
      multi_json (>= 1.0.0)
    bcrypt (3.1.7)
    bcrypt-ruby (3.1.5)
      bcrypt (>= 3.1.3)
    better_errors (1.1.0)
      coderay (>= 1.0.0)
      erubis (>= 2.6.6)
    binding_of_caller (0.7.2)
      debug_inspector (>= 0.0.1)
    blacklight (5.5.3)
      bootstrap-sass (~> 3.0)
      deprecation
      kaminari (~> 0.13)
      nokogiri (~> 1.6)
      rails (>= 3.2.6, < 5)
      rsolr (~> 1.0.6)
    block_helpers (0.3.3)
      activesupport (>= 2.0)
    bootstrap-sass (3.2.0.1)
      sass (~> 3.2)
    bootstrap_form (2.1.1)
    browse-everything (0.6.3)
      bootstrap-sass
      dropbox-sdk (>= 1.6.2)
      font-awesome-rails
      google-api-client
      google_drive
      rails (>= 3.1)
      ruby-box
      sass-rails
      skydrive
    builder (3.1.4)
    callsite (0.0.11)
    cancancan (1.9.2)
    capistrano (2.12.0)
      highline
      net-scp (>= 1.0.0)
      net-sftp (>= 2.0.0)
      net-ssh (>= 2.0.14)
      net-ssh-gateway (>= 1.1.0)
    capybara (2.4.1)
      mime-types (>= 1.16)
      nokogiri (>= 1.3.3)
      rack (>= 1.0.0)
      rack-test (>= 0.5.4)
      xpath (~> 2.0)
    childprocess (0.5.3)
      ffi (~> 1.0, >= 1.0.11)
    chronic (0.10.2)
    chunky_png (1.3.1)
    coderay (1.1.0)
    coffee-rails (4.0.1)
      coffee-script (>= 2.2.0)
      railties (>= 4.0.0, < 5.0)
    coffee-script (2.3.0)
      coffee-script-source
      execjs
    coffee-script-source (1.7.1)
    columnize (0.8.9)
    compass (0.12.7)
      chunky_png (~> 1.2)
      fssm (>= 0.2.7)
      sass (~> 3.2.19)
    compass-rails (2.0.0)
      compass (>= 0.12.2)
    compass-susy-plugin (0.9)
      compass (>= 0.11.1)
    daemons (1.1.9)
    debug_inspector (0.0.2)
    debugger (1.6.8)
      columnize (>= 0.3.1)
      debugger-linecache (~> 1.2.0)
      debugger-ruby_core_source (~> 1.3.5)
    debugger-linecache (1.2.0)
    debugger-ruby_core_source (1.3.5)
    delayed_job (4.0.2)
      activesupport (>= 3.0, < 4.2)
    delayed_job_active_record (4.0.1)
      activerecord (>= 3.0, < 4.2)
      delayed_job (>= 3.0, < 4.1)
    deprecation (0.1.0)
      activesupport
    devise (3.2.4)
      bcrypt (~> 3.0)
      orm_adapter (~> 0.1)
      railties (>= 3.2.6, < 5)
      thread_safe (~> 0.1)
      warden (~> 1.2.3)
    diff-lcs (1.2.5)
    docile (1.1.5)
    dot-properties (0.1.3)
    dropbox-sdk (1.6.4)
      json
    ebnf (0.3.6)
      haml (~> 4.0)
      rdf (~> 1.1)
      sxp (~> 0.1, >= 0.1.3)
    email_spec (1.6.0)
      launchy (~> 2.1)
      mail (~> 2.2)
    equivalent-xml (0.5.1)
      nokogiri (>= 1.4.3)
    erubis (2.7.0)
    execjs (2.2.1)
    extlib (0.9.16)
    factory_girl (4.4.0)
      activesupport (>= 3.0.0)
    factory_girl_rails (4.4.1)
      factory_girl (~> 4.4.0)
      railties (>= 3.0.0)
    fakefs (0.5.2)
    faker (1.4.2)
      i18n (~> 0.5)
    faraday (0.9.0)
      multipart-post (>= 1.2, < 3)
    fastercsv (1.5.5)
    ffi (1.9.3)
    font-awesome-rails (3.2.1.3)
      railties (>= 3.2, < 5.0)
    fssm (0.2.10)
    google-api-client (0.7.1)
      addressable (>= 2.3.2)
      autoparse (>= 0.3.3)
      extlib (>= 0.9.15)
      faraday (>= 0.9.0)
      jwt (>= 0.1.5)
      launchy (>= 2.1.1)
      multi_json (>= 1.0.0)
      retriable (>= 1.4)
      signet (>= 0.5.0)
      uuidtools (>= 2.1.0)
    google_drive (0.3.10)
      nokogiri (>= 1.4.4, != 1.5.2, != 1.5.1)
      oauth (>= 0.3.6)
      oauth2 (>= 0.5.0)
    grit (2.5.0)
      diff-lcs (~> 1.1)
      mime-types (~> 1.15)
      posix-spawn (~> 0.3.6)
    haml (4.0.5)
      tilt
    handlebars_assets (0.14.1)
      execjs (>= 1.2.9)
      sprockets (>= 2.0.3)
      tilt
    hashie (3.2.0)
    headless (1.0.2)
    highline (1.6.21)
    hike (1.2.3)
    hooks (0.3.6)
      uber (~> 0.0.4)
    htmlentities (4.3.2)
    httmultiparty (0.3.15)
      httparty (>= 0.7.3)
      mimemagic
      multipart-post
    httparty (0.13.1)
      json (~> 1.8)
      multi_xml (>= 0.5.2)
    hydra (7.1.0)
      active-fedora (~> 7.1.0)
      blacklight (~> 5.5.1)
      hydra-head (~> 7.2.0)
      jettywrapper (~> 1.8.2)
      nokogiri (~> 1.6.0)
      nom-xml (~> 0.5.1)
      om (~> 3.1.0)
      rails (>= 3.2.15, < 5.0)
      rsolr (~> 1.0.10)
      rubydora (~> 1.8.0)
      solrizer (~> 3.3.0)
    hydra-access-controls (7.2.0)
      active-fedora (~> 7.0)
      activesupport
      blacklight (~> 5.3)
      cancancan
      deprecation
      om (~> 3.0, >= 3.0.7)
      sass-rails
    hydra-core (7.2.0)
      block_helpers
      hydra-access-controls (= 7.2.0)
      jettywrapper (>= 1.4.1)
      rails (>= 3.2.3, < 5)
    hydra-head (7.2.0)
      hydra-access-controls (= 7.2.0)
      hydra-core (= 7.2.0)
      rails (>= 3.2.6)
    i18n (0.6.11)
    iconv (1.0.4)
    ims-lti (1.1.4)
      builder
      oauth (~> 0.4.5)
      uuid
    iso8601 (0.5.2)
    jettywrapper (1.8.2)
      activesupport (>= 3.0.0)
      childprocess
      i18n
      logger
    jquery-rails (3.1.1)
      railties (>= 3.0, < 5.0)
      thor (>= 0.14, < 2.0)
    jquery-ui-rails (5.0.0)
      railties (>= 3.2.16)
    json (1.8.1)
    json-ld (1.1.6)
      rdf (~> 1.1, >= 1.1.4)
    jwt (1.0.0)
    kaminari (0.15.1)
      actionpack (>= 3.0.0)
      activesupport (>= 3.0.0)
    launchy (2.4.2)
      addressable (~> 2.3)
    letter_opener (1.2.0)
      launchy (~> 2.2)
    libv8 (3.16.14.3)
    license_header (0.0.4)
      highline
    linkeddata (1.1.1)
      equivalent-xml (>= 0.4.0)
      json-ld (>= 1.1.1)
      nokogiri (>= 1.6.1)
      rdf (>= 1.1.1)
      rdf-aggregate-repo (>= 1.1.0)
      rdf-isomorphic (>= 1.1.0)
      rdf-json (>= 1.1.0)
      rdf-microdata (>= 1.1.1)
      rdf-n3 (>= 1.1.0)
      rdf-rdfa (>= 1.1.1)
      rdf-rdfxml (>= 1.1.0)
      rdf-trig (>= 1.1.2)
      rdf-trix (>= 1.1.0)
      rdf-turtle (>= 1.1.2)
      sparql (>= 1.1.2)
      sparql-client (>= 1.1.1)
    logger (1.2.8)
    loofah (2.0.0)
      nokogiri (>= 1.5.9)
    macaddr (1.7.1)
      systemu (~> 2.6.2)
    mail (2.5.4)
      mime-types (~> 1.16)
      treetop (~> 1.4.8)
    media-element-logo-plugin (0.0.2)
      rails (>= 3.2.3)
    mediainfo (0.7.2)
    mediashelf-loggable (0.4.10)
    meta_request (0.3.4)
      callsite (~> 0.0, >= 0.0.11)
      rack-contrib (~> 1.1)
      railties (>= 3.0.0, < 5.0.0)
    method_source (0.8.2)
    mime-types (1.25.1)
    mimemagic (0.2.1)
    mini_portile (0.6.0)
    minitest (4.7.5)
    modal_logic (0.0.8)
      handlebars_assets (= 0.14.1)
      rails (>= 4)
    multi_json (1.10.1)
    multi_xml (0.5.5)
    multipart-post (2.0.0)
    net-http-digest_auth (1.4)
    net-http-persistent (1.9)
    net-ldap (0.7.0)
    net-scp (1.2.1)
      net-ssh (>= 2.6.5)
    net-sftp (2.1.2)
      net-ssh (>= 2.6.5)
    net-ssh (2.9.1)
    net-ssh-gateway (1.2.0)
      net-ssh (>= 2.6.5)
    netrc (0.7.7)
    nokogiri (1.6.3.1)
      mini_portile (= 0.6.0)
    nom-xml (0.5.1)
      activesupport
      i18n
      nokogiri
    oauth (0.4.7)
    oauth2 (1.0.0)
      faraday (>= 0.8, < 0.10)
      jwt (~> 1.0)
      multi_json (~> 1.3)
      multi_xml (~> 0.5)
      rack (~> 1.2)
    om (3.1.0)
      activemodel
      activesupport
      nokogiri (>= 1.4.2)
      solrizer (~> 3.3)
    omniauth (1.2.2)
      hashie (>= 1.2, < 4)
      rack (~> 1.0)
    omniauth-identity (1.1.1)
      bcrypt-ruby (~> 3.0)
      omniauth (~> 1.0)
    orm_adapter (0.5.0)
    polyglot (0.3.5)
    posix-spawn (0.3.9)
    pry (0.10.0)
      coderay (~> 1.1.0)
      method_source (~> 0.8.1)
      slop (~> 3.4)
    pry-debugger (0.2.3)
      debugger (~> 1.3)
      pry (>= 0.9.10, < 0.11.0)
    pry-rails (0.3.2)
      pry (>= 0.9.10)
    puma (2.9.0)
      rack (>= 1.1, < 2.0)
    rack (1.5.2)
    rack-contrib (1.1.0)
      rack (>= 0.9.1)
    rack-test (0.6.2)
      rack (>= 1.0)
    rails (4.0.8)
      actionmailer (= 4.0.8)
      actionpack (= 4.0.8)
      activerecord (= 4.0.8)
      activesupport (= 4.0.8)
      bundler (>= 1.3.0, < 2.0)
      railties (= 4.0.8)
      sprockets-rails (~> 2.0)
    railties (4.0.8)
      actionpack (= 4.0.8)
      activesupport (= 4.0.8)
      rake (>= 0.8.7)
      thor (>= 0.18.1, < 2.0)
    rake (10.3.2)
    rb-fsevent (0.9.4)
    rdf (1.1.4.3)
    rdf-aggregate-repo (1.1.0)
      rdf (>= 1.1)
    rdf-isomorphic (1.1.0)
      rdf (>= 1.1)
    rdf-json (1.1.0)
      rdf (>= 1.1.0)
    rdf-microdata (1.1.2)
      htmlentities (~> 4.3)
      nokogiri (~> 1.6)
      rdf (~> 1.1)
      rdf-xsd (~> 1.1)
    rdf-n3 (1.1.1)
      rdf (~> 1.1, >= 1.1.4)
    rdf-rdfa (1.1.3.2)
      haml (~> 4.0)
      htmlentities (~> 4.3)
      rdf (~> 1.1)
      rdf-xsd (~> 1.1)
    rdf-rdfxml (1.1.0.1)
      rdf (~> 1.1)
      rdf-rdfa (~> 1.1)
      rdf-xsd (~> 1.1)
    rdf-trig (1.1.3.1)
      ebnf (~> 0.3, >= 0.3.5)
      rdf (~> 1.1, >= 1.1.2.1)
      rdf-turtle (~> 1.1, >= 1.1.3)
    rdf-trix (1.1.0)
      rdf (>= 1.1)
    rdf-turtle (1.1.4)
      ebnf (~> 0.3, >= 0.3.6)
      rdf (~> 1.1, >= 1.1.4)
    rdf-xsd (1.1.1)
      rdf (~> 1.1)
    ref (1.0.5)
    rest-client (1.7.2)
      mime-types (>= 1.16, < 3.0)
      netrc (~> 0.7)
    retriable (1.4.1)
    rsolr (1.0.10)
      builder (>= 2.1.2)
    rspec (2.99.0)
      rspec-core (~> 2.99.0)
      rspec-expectations (~> 2.99.0)
      rspec-mocks (~> 2.99.0)
    rspec-collection_matchers (1.0.0)
      rspec-expectations (>= 2.99.0.beta1)
    rspec-core (2.99.1)
    rspec-expectations (2.99.2)
      diff-lcs (>= 1.1.3, < 2.0)
    rspec-its (1.0.1)
      rspec-core (>= 2.99.0.beta1)
      rspec-expectations (>= 2.99.0.beta1)
    rspec-mocks (2.99.2)
    rspec-rails (2.99.0)
      actionpack (>= 3.0)
      activemodel (>= 3.0)
      activesupport (>= 3.0)
      railties (>= 3.0)
      rspec-collection_matchers
      rspec-core (~> 2.99.0)
      rspec-expectations (~> 2.99.0)
      rspec-mocks (~> 2.99.0)
    rspec_junit_formatter (0.2.0)
      builder (< 4)
      rspec (>= 2, < 4)
      rspec-core (!= 2.12.0)
    ruby-box (1.14.0)
      addressable
      json
      multipart-post
      oauth2
    ruby-duration (3.1.0)
      activesupport (>= 3.0.0)
      i18n
      iso8601
    ruby-ole (1.2.11.7)
    rubydora (1.8.0)
      activemodel
      activesupport
      deprecation
      equivalent-xml
      fastercsv
      hooks (~> 0.3.0)
      mime-types
      nokogiri
      rest-client
    rubyzip (0.9.9)
    rvm-capistrano (1.4.1)
      capistrano (>= 2.0.0)
    sass (3.2.19)
    sass-rails (4.0.2)
      railties (>= 4.0.0, < 5.0)
      sass (~> 3.2.0)
      sprockets (~> 2.8, <= 2.11.0)
      sprockets-rails (~> 2.0.0)
    shoulda-matchers (2.6.2)
      activesupport (>= 3.0.0)
    signet (0.5.1)
      addressable (>= 2.2.3)
      faraday (>= 0.9.0.rc5)
      jwt (>= 0.1.5)
      multi_json (>= 1.0.0)
    simplecov (0.9.0)
      docile (~> 1.1.0)
      multi_json
      simplecov-html (~> 0.8.0)
    simplecov-html (0.8.0)
    skydrive (0.1.5)
      activesupport
      httmultiparty
      httparty (>= 0.11.0)
      oauth2 (>= 0.9.2)
    slop (3.6.0)
    solrizer (3.3.0)
      activesupport
      daemons
      nokogiri
      stomp
      xml-simple
    sparql (1.1.4)
      builder (~> 3.0)
      ebnf (~> 0.3, >= 0.3.5)
      rdf (~> 1.1, >= 1.1.4)
      rdf-aggregate-repo (~> 1.1, >= 1.1.0)
      rdf-xsd (~> 1.1)
      sparql-client (~> 1.1)
      sxp (~> 0.1)
    sparql-client (1.1.2)
      net-http-persistent (~> 1.4)
      rdf (~> 1.1)
    spreadsheet (0.9.7)
      ruby-ole (>= 1.0)
    sprockets (2.11.0)
      hike (~> 1.2)
      multi_json (~> 1.0)
      rack (~> 1.0)
      tilt (~> 1.1, != 1.3.0)
    sprockets-rails (2.0.1)
      actionpack (>= 3.0)
      activesupport (>= 3.0)
      sprockets (~> 2.8)
    sqlite3 (1.3.9)
    stomp (1.3.3)
    sxp (0.1.5)
    systemu (2.6.4)
    therubyracer (0.12.1)
      libv8 (~> 3.16.14.0)
      ref
    thor (0.19.1)
    thread_safe (0.3.4)
    tilt (1.4.1)
    treetop (1.4.15)
      polyglot
      polyglot (>= 0.3.1)
    twitter-typeahead-rails (0.10.2)
      actionpack (>= 3.1)
      jquery-rails
      railties (>= 3.1)
    tzinfo (0.3.41)
    uber (0.0.8)
    uglifier (2.5.3)
      execjs (>= 0.3.0)
      json (>= 1.8.0)
    uuid (2.3.7)
      macaddr (~> 1.0)
    uuidtools (2.1.5)
    validates_email_format_of (1.5.3)
    warden (1.2.3)
      rack (>= 1.0)
    whenever (0.9.2)
      activesupport (>= 2.3.4)
      chronic (>= 0.6.3)
    with_locking (1.0.2)
    xml-simple (1.1.4)
    xpath (2.0.0)
      nokogiri (~> 1.3)
    xray-rails (0.1.14)
      coffee-rails
      rails (>= 3.1.0)

PLATFORMS
  ruby

DEPENDENCIES
  about_page!
  active-fedora
  activerecord-jdbcsqlite3-adapter
  activerecord-session_store
  avalon-about!
  avalon-batch!
  avalon-workflow!
  bcrypt-ruby (~> 3.1.0)
  better_errors
  binding_of_caller
  bootstrap_form
  browse-everything (>= 0.6.3)
  builder (~> 3.1.0)
  capistrano (~> 2.12.0)
  capybara
  coffee-rails
  compass-rails
  compass-susy-plugin (~> 0.9.0)
  database_cleaner!
  debugger
  delayed_job_active_record
  devise (~> 3.2.0)
  email_spec
  equivalent-xml
  execjs
  factory_girl_rails
  fakefs
  faker
  felixwrapper!
  font-awesome-rails (~> 3.0)
  grit
  haml
  handlebars_assets
  headless
  hooks
  hydra (~> 7.1)
  iconv
  jdbc-sqlite3
  jettywrapper
  jquery-rails (= 3.1.1)
  jquery-ui-rails (= 5.0.0)
  jruby-openssl
  kaminari (~> 0.15.0)
  letter_opener
  license_header
  loofah
  media-element-logo-plugin
  media_element_thumbnail_selector!
  mediaelement-hd-toggle!
  mediaelement-qualityselector!
  mediaelement-skin-avalon!
  mediaelement-title!
  mediaelement_rails!
  mediainfo
  meta_request
  mime-types (>= 1.1)
  modal_logic
  multipart-post
  net-ldap
  omniauth-identity
  omniauth-lti!
  pry
  pry-debugger
  pry-rails
  puma
  rails (~> 4.0.3)
  rb-fsevent (~> 0.9.1)
  red5wrapper!
  roo!
  rspec-its
  rspec-rails (~> 2.9)
  rspec_junit_formatter
  ruby-duration
  rubyhorn!
  rubyzip (= 0.9.9)
  rvm-capistrano
  sass-rails (= 4.0.2)
  shoulda-matchers
  simplecov
  sprockets (~> 2.11.0)
  sqlite3
  therubyracer (>= 0.12.0)
  therubyrhino
  twitter-typeahead-rails
  uglifier (>= 1.0.3)
  validates_email_format_of
  whenever
  with_locking
  xray-rails
